GEM
  remote: https://rubygems.org/
  specs:
    minitest (5.10.1)
    minitest-spec (0.0.2.1)
      minitest (>= 3.0)
    rake (12.0.0)

PLATFORMS
  ruby

DEPENDENCIES
  minitest
  minitest-spec
  rake

BUNDLED WITH
   1.11.2
